PATH
  remote: .
  specs:
    payola (0.0.3)
      human_error (~> 1.7)
      stripe (~> 1.10)

GEM
  remote: https://rubygems.org/
  specs:
    addressable (2.3.6)
    crack (0.4.2)
      safe_yaml (~> 1.0.0)
    diff-lcs (1.2.5)
    fuubar (2.0.0.beta2)
      rspec (~> 3.0.beta)
      ruby-progressbar (~> 1.4)
    human_error (1.7.0)
    i18n (0.6.9)
    json (1.8.1)
    mime-types (1.25.1)
    money (6.1.1)
      i18n (~> 0.6.4)
    rest-client (1.6.7)
      mime-types (>= 1.16)
    rspec (3.0.0.beta2)
      rspec-core (= 3.0.0.beta2)
      rspec-expectations (= 3.0.0.beta2)
      rspec-mocks (= 3.0.0.beta2)
    rspec-core (3.0.0.beta2)
      rspec-support (= 3.0.0.beta2)
    rspec-expectations (3.0.0.beta2)
      diff-lcs (>= 1.2.0, < 2.0)
      rspec-support (= 3.0.0.beta2)
    rspec-mocks (3.0.0.beta2)
      rspec-support (= 3.0.0.beta2)
    rspec-support (3.0.0.beta2)
    rspectacular (0.38.0)
      fuubar (~> 2.0.beta)
      rspec (~> 3.0.beta)
    ruby-progressbar (1.5.1)
    safe_yaml (1.0.3)
    stripe (1.12.0)
      json (~> 1.8.1)
      mime-types (~> 1.25)
      rest-client (~> 1.4)
    vcr (2.8.0)
    webmock (1.15.2)
      addressable (>= 2.2.7)
      crack (>= 0.3.2)

PLATFORMS
  ruby

DEPENDENCIES
  money (~> 6.0)
  payola!
  rspec (~> 3.0.0beta)
  rspectacular (~> 0.38.0)
  vcr (~> 2.8.0)
  webmock (< 1.16)
