PATH
  remote: .
  specs:
    payola (1.1.0)
      human_error (~> 3.0)
      stripe (~> 1.10)

GEM
  remote: https://rubygems.org/
  specs:
    addressable (2.3.8)
    chamber (2.8.0)
      hashie (~> 3.3)
      thor (~> 0.19.1)
    crack (0.4.2)
      safe_yaml (~> 1.0.0)
    diff-lcs (1.2.5)
    domain_name (0.5.24)
      unf (>= 0.0.5, < 1.0.0)
    fuubar (2.0.0)
      rspec (~> 3.0)
      ruby-progressbar (~> 1.4)
    hashie (3.4.1)
    http-cookie (1.0.2)
      domain_name (~> 0.5)
    human_error (3.0.0)
    i18n (0.7.0)
    json (1.8.3)
    mime-types (2.6.1)
    money (6.5.1)
      i18n (>= 0.6.4, <= 0.7.0)
    netrc (0.10.3)
    rest-client (1.8.0)
      http-cookie (>= 1.0.2, < 2.0)
      mime-types (>= 1.16, < 3.0)
      netrc (~> 0.7)
    rspec (3.2.0)
      rspec-core (~> 3.2.0)
      rspec-expectations (~> 3.2.0)
      rspec-mocks (~> 3.2.0)
    rspec-core (3.2.3)
      rspec-support (~> 3.2.0)
    rspec-expectations (3.2.1)
      diff-lcs (>= 1.2.0, < 2.0)
      rspec-support (~> 3.2.0)
    rspec-mocks (3.2.1)
      diff-lcs (>= 1.2.0, < 2.0)
      rspec-support (~> 3.2.0)
    rspec-support (3.2.2)
    rspectacular (0.62.1)
      fuubar (~> 2.0)
      rspec (~> 3.1)
    ruby-progressbar (1.7.5)
    safe_yaml (1.0.4)
    stripe (1.24.0)
      json (~> 1.8.1)
      rest-client (~> 1.4)
    thor (0.19.1)
    unf (0.1.4)
      unf_ext
    unf_ext (0.0.7.1)
    vcr (2.8.0)
    webmock (1.15.2)
      addressable (>= 2.2.7)
      crack (>= 0.3.2)

PLATFORMS
  ruby

DEPENDENCIES
  chamber
  money (~> 6.0)
  payola!
  rspec (~> 3.0)
  rspectacular (~> 0.48)
  vcr (~> 2.8.0)
  webmock (< 1.16)

BUNDLED WITH
   1.10.5
